GEM
  remote: http://rubygems.org/
  specs:
    actionmailer (3.2.10)
      actionpack (= 3.2.10)
      mail (~> 2.4.4)
    actionpack (3.2.10)
      activemodel (= 3.2.10)
      activesupport (= 3.2.10)
      builder (~> 3.0.0)
      erubis (~> 2.7.0)
      journey (~> 1.0.4)
      rack (~> 1.4.0)
      rack-cache (~> 1.2)
      rack-test (~> 0.6.1)
      sprockets (~> 2.2.1)
    activemodel (3.2.10)
      activesupport (= 3.2.10)
      builder (~> 3.0.0)
    activerecord (3.2.10)
      activemodel (= 3.2.10)
      activesupport (= 3.2.10)
      arel (~> 3.0.2)
      tzinfo (~> 0.3.29)
    activeresource (3.2.10)
      activemodel (= 3.2.10)
      activesupport (= 3.2.10)
    activesupport (3.2.10)
      i18n (~> 0.6)
      multi_json (~> 1.0)
    acts-as-taggable-on (2.3.3)
      rails (~> 3.0)
    acts_as_tree (1.2.0)
      activerecord (>= 3.0.0)
    ansi (1.4.3)
    arel (3.0.2)
    bcrypt-ruby (3.0.1)
    builder (3.0.4)
    cancan (1.6.8)
    cocaine (0.4.2)
    coderay (1.0.8)
    coffee-rails (3.2.2)
      coffee-script (>= 2.2.0)
      railties (~> 3.2.0)
    coffee-script (2.2.0)
      coffee-script-source
      execjs
    coffee-script-source (1.4.0)
    commonjs (0.2.6)
    devise (2.2.0.rc)
      bcrypt-ruby (~> 3.0)
      orm_adapter (~> 0.1)
      railties (~> 3.1)
      warden (~> 1.2.1)
    devise-encryptable (0.1.1)
      devise (>= 2.1.0.rc)
    erubis (2.7.0)
    execjs (1.4.0)
      multi_json (~> 1.0)
    guard (1.6.1)
      listen (>= 0.6.0)
      lumberjack (>= 1.0.2)
      pry (>= 0.9.10)
      thor (>= 0.14.6)
    haml (3.1.7)
    hike (1.2.1)
    i18n (0.6.1)
    journey (1.0.4)
    jquery-rails (2.1.4)
      railties (>= 3.0, < 5.0)
      thor (>= 0.14, < 2.0)
    json (1.7.6)
    less (2.2.2)
      commonjs (~> 0.2.6)
    less-rails (2.2.6)
      actionpack (>= 3.1)
      less (~> 2.2.0)
    libv8 (3.11.8.9)
    listen (0.7.1)
    lumberjack (1.0.2)
    mail (2.4.4)
      i18n (>= 0.4.0)
      mime-types (~> 1.16)
      treetop (~> 1.4.8)
    method_source (0.8.1)
    mime-types (1.19)
    multi_json (1.5.0)
    orm_adapter (0.4.0)
    paperclip (3.4.0)
      activemodel (>= 3.0.0)
      activerecord (>= 3.0.0)
      activesupport (>= 3.0.0)
      cocaine (~> 0.4.0)
      mime-types
    polyglot (0.3.3)
    pry (0.9.10)
      coderay (~> 1.0.5)
      method_source (~> 0.8)
      slop (~> 3.3.1)
    rack (1.4.1)
    rack-cache (1.2)
      rack (>= 0.4)
    rack-ssl (1.3.2)
      rack
    rack-test (0.6.2)
      rack (>= 1.0)
    railroady (1.1.0)
    rails (3.2.10)
      actionmailer (= 3.2.10)
      actionpack (= 3.2.10)
      activerecord (= 3.2.10)
      activeresource (= 3.2.10)
      activesupport (= 3.2.10)
      bundler (~> 1.0)
      railties (= 3.2.10)
    railties (3.2.10)
      actionpack (= 3.2.10)
      activesupport (= 3.2.10)
      rack-ssl (~> 1.3.2)
      rake (>= 0.8.7)
      rdoc (~> 3.4)
      thor (>= 0.14.6, < 2.0)
    rake (10.0.3)
    rdoc (3.12)
      json (~> 1.4)
    ref (1.0.2)
    sass (3.2.5)
    sass-rails (3.2.5)
      railties (~> 3.2.0)
      sass (>= 3.1.10)
      tilt (~> 1.3)
    simple_form (2.0.4)
      actionpack (~> 3.0)
      activemodel (~> 3.0)
    slop (3.3.3)
    sprockets (2.2.2)
      hike (~> 1.2)
      multi_json (~> 1.0)
      rack (~> 1.0)
      tilt (~> 1.1, != 1.3.0)
    sqlite3 (1.3.6)
    therubyracer (0.11.1)
      libv8 (~> 3.11.8.7)
      ref
    thor (0.16.0)
    tilt (1.3.3)
    treetop (1.4.12)
      polyglot
      polyglot (>= 0.3.1)
    turn (0.9.6)
      ansi
    twitter-bootstrap-rails (2.2.0)
      actionpack (>= 3.1)
      execjs
      railties (>= 3.1)
    tzinfo (0.3.35)
    uglifier (1.3.0)
      execjs (>= 0.3.0)
      multi_json (~> 1.0, >= 1.0.2)
    warden (1.2.1)
      rack (>= 1.0)
    yard (0.8.3)

PLATFORMS
  ruby

DEPENDENCIES
  acts-as-taggable-on
  acts_as_tree
  cancan
  coffee-rails
  devise
  devise-encryptable
  guard
  haml
  jquery-rails
  less-rails
  paperclip
  railroady
  rails
  sass
  sass-rails
  simple_form
  sqlite3
  therubyracer
  turn
  twitter-bootstrap-rails
  uglifier
  yard
